GEM
  remote: https://rubygems.org/
  specs:
    cgi (0.4.1)
    erb (4.0.4)
      cgi (>= 0.3.3)
    fileutils (1.7.2)
    redcarpet (3.6.0)
    webrick (1.8.2)

PLATFORMS
  ruby
  x86_64-linux

DEPENDENCIES
  erb
  fileutils
  redcarpet
  webrick

RUBY VERSION
   ruby 3.3.5p100

BUNDLED WITH
   2.5.16
