GEM
  remote: https://rubygems.org/
  specs:
    erb (5.0.1)
    fileutils (1.7.3)
    redcarpet (3.6.1)
    webrick (1.9.1)

PLATFORMS
  ruby
  x86_64-linux

DEPENDENCIES
  erb
  fileutils
  redcarpet
  webrick

RUBY VERSION
   ruby 3.3.8p144

BUNDLED WITH
   2.6.8
